GEM
  remote: https://rubygems.org/
  specs:
    ffi (1.9.6)
    libreconv (0.9.0)
      spoon
    mini_portile (0.6.1)
    nokogiri (1.6.5)
      mini_portile (~> 0.6.0)
    rubyXL (3.3.1)
      nokogiri (>= 1.4.4)
      rubyzip (>= 1.1.6)
    rubyzip (1.1.6)
    spoon (0.0.4)
      ffi

PLATFORMS
  ruby

DEPENDENCIES
  libreconv
  rubyXL
